GEM
  specs:
    coderay (1.0.7)
    diff-lcs (1.1.3)
    method_source (0.7.1)
    pry (0.9.9.6)
      coderay (~> 1.0.5)
      method_source (~> 0.7.1)
      slop (>= 2.4.4, < 3)
    rainbow (1.1.4)
    rspec (2.11.0)
      rspec-core (~> 2.11.0)
      rspec-expectations (~> 2.11.0)
      rspec-mocks (~> 2.11.0)
    rspec-core (2.11.0)
    rspec-expectations (2.11.0)
      diff-lcs (~> 1.1.3)
    rspec-mocks (2.11.0)
    slop (2.4.4)

PLATFORMS
  ruby

DEPENDENCIES
  pry
  rainbow
  rspec
